GEM
  remote: https://gems.ruby-china.org/
  specs:
    awesome_print (1.7.0)
    eventmachine (1.2.0.1)

PLATFORMS
  ruby

DEPENDENCIES
  awesome_print
  eventmachine

BUNDLED WITH
   1.12.5
